PATH
  remote: .
  specs:
    dht (0.0.1)
      dcell

GEM
  remote: https://rubygems.org/
  specs:
    bbq-spawn (0.0.4)
      childprocess
    bogus (0.1.6)
      dependor (>= 0.0.4)
    celluloid (0.16.0)
      timers (~> 4.0.0)
    celluloid-io (0.16.2)
      celluloid (>= 0.16.0)
      nio4r (>= 1.1.0)
    celluloid-redis (0.0.2)
      celluloid-io (>= 0.13.0.pre)
      redis
    celluloid-zmq (0.16.1)
      celluloid (~> 0.16)
      ffi
      ffi-rzmq
    childprocess (0.9.0)
      ffi (~> 1.0, >= 1.0.11)
    coveralls (0.8.22)
      json (>= 1.8, < 3)
      simplecov (~> 0.16.1)
      term-ansicolor (~> 1.3)
      thor (~> 0.19.4)
      tins (~> 1.6)
    dcell (0.16.1)
      celluloid (~> 0.16.0)
      celluloid-redis
      celluloid-zmq (~> 0.16.0)
      http (~> 0.5.0)
      redis-namespace
      reel (~> 0.4.0)
    dependor (1.0.1)
    diff-lcs (1.3)
    docile (1.3.1)
    ffi (1.9.25)
    ffi-rzmq (2.0.6)
      ffi-rzmq-core (>= 1.0.6)
    ffi-rzmq-core (1.0.6)
      ffi
    hitimes (1.3.0)
    http (0.5.1)
      http_parser.rb
    http_parser.rb (0.6.0)
    json (2.1.0)
    nio4r (2.3.1)
    rake (12.3.2)
    redis (4.1.0)
    redis-namespace (1.6.0)
      redis (>= 3.0.4)
    reel (0.4.0)
      celluloid (>= 0.15.1)
      celluloid-io (>= 0.15.0)
      http (>= 0.5.0)
      http_parser.rb (>= 0.6.0.beta.2)
      websocket_parser (>= 0.1.4)
    rspec (3.8.0)
      rspec-core (~> 3.8.0)
      rspec-expectations (~> 3.8.0)
      rspec-mocks (~> 3.8.0)
    rspec-core (3.8.0)
      rspec-support (~> 3.8.0)
    rspec-expectations (3.8.2)
      diff-lcs (>= 1.2.0, < 2.0)
      rspec-support (~> 3.8.0)
    rspec-mocks (3.8.0)
      diff-lcs (>= 1.2.0, < 2.0)
      rspec-support (~> 3.8.0)
    rspec-support (3.8.0)
    simplecov (0.16.1)
      docile (~> 1.1)
      json (>= 1.8, < 3)
      simplecov-html (~> 0.10.0)
    simplecov-html (0.10.2)
    term-ansicolor (1.7.0)
      tins (~> 1.0)
    thor (0.19.4)
    timers (4.0.4)
      hitimes
    tins (1.20.2)
    websocket_parser (1.0.0)

PLATFORMS
  ruby

DEPENDENCIES
  bbq-spawn
  bogus
  coveralls
  dht!
  rake
  rspec

BUNDLED WITH
   1.16.2
